PATH
  remote: vendor/engines/scenarios
  specs:
    scenarios (1)
      rails (~> 3.2.8)

GEM
  remote: http://rubygems.org/
  specs:
    RedCloth (4.2.9-x86-mingw32)
    actionmailer (3.2.12)
      actionpack (= 3.2.12)
      mail (~> 2.4.4)
    actionpack (3.2.12)
      activemodel (= 3.2.12)
      activesupport (= 3.2.12)
      builder (~> 3.0.0)
      erubis (~> 2.7.0)
      journey (~> 1.0.4)
      rack (~> 1.4.5)
      rack-cache (~> 1.2)
      rack-test (~> 0.6.1)
      sprockets (~> 2.2.1)
    activemodel (3.2.12)
      activesupport (= 3.2.12)
      builder (~> 3.0.0)
    activerecord (3.2.12)
      activemodel (= 3.2.12)
      activesupport (= 3.2.12)
      arel (~> 3.0.2)
      tzinfo (~> 0.3.29)
    activeresource (3.2.12)
      activemodel (= 3.2.12)
      activesupport (= 3.2.12)
    activesupport (3.2.12)
      i18n (~> 0.6)
      multi_json (~> 1.0)
    ansi (1.4.3)
    arel (3.0.2)
    bcrypt-ruby (3.0.1-x86-mingw32)
    builder (3.0.4)
    bullet (4.6.0)
      uniform_notifier
    cocaine (0.3.2)
    coffee-rails (3.2.2)
      coffee-script (>= 2.2.0)
      railties (~> 3.2.0)
    coffee-script (2.2.0)
      coffee-script-source
      execjs
    coffee-script-source (1.6.2)
    devise (2.2.4)
      bcrypt-ruby (~> 3.0)
      orm_adapter (~> 0.1)
      railties (~> 3.1)
      warden (~> 1.2.1)
    erubis (2.7.0)
    execjs (1.4.0)
      multi_json (~> 1.0)
    friendly_id (4.0.9)
    gem_plugin (0.2.3)
    gon (4.1.1)
      actionpack (>= 2.3.0)
      json
    hike (1.2.3)
    i18n (0.6.4)
    journey (1.0.4)
    jquery-rails (2.3.0)
      railties (>= 3.0, < 5.0)
      thor (>= 0.14, < 2.0)
    json (1.8.0)
    macaddr (1.6.1)
      systemu (~> 2.5.0)
    mail (2.4.4)
      i18n (>= 0.4.0)
      mime-types (~> 1.16)
      treetop (~> 1.4.8)
    mime-types (1.23)
    mini_portile (0.5.0)
    mongrel (1.2.0.pre2-x86-mingw32)
      gem_plugin (~> 0.2.3)
    multi_json (1.7.7)
    mysql2 (0.3.11)
    mysql2 (0.3.11-x86-mingw32)
    nokogiri (1.6.0-x86-mingw32)
      mini_portile (~> 0.5.0)
    orm_adapter (0.4.0)
    paperclip (2.7.5)
      activerecord (>= 2.3.0)
      activesupport (>= 2.3.2)
      cocaine (~> 0.3.0)
      mime-types
    polyglot (0.3.3)
    rack (1.4.5)
    rack-cache (1.2)
      rack (>= 0.4)
    rack-ssl (1.3.3)
      rack
    rack-test (0.6.2)
      rack (>= 1.0)
    rails (3.2.12)
      actionmailer (= 3.2.12)
      actionpack (= 3.2.12)
      activerecord (= 3.2.12)
      activeresource (= 3.2.12)
      activesupport (= 3.2.12)
      bundler (~> 1.0)
      railties (= 3.2.12)
    railties (3.2.12)
      actionpack (= 3.2.12)
      activesupport (= 3.2.12)
      rack-ssl (~> 1.3.2)
      rake (>= 0.8.7)
      rdoc (~> 3.4)
      thor (>= 0.14.6, < 2.0)
    rake (10.1.0)
    rdoc (3.12.2)
      json (~> 1.4)
    ruby-growl (4.0)
      uuid (~> 2.3, >= 2.3.5)
    sass (3.2.9)
    sass-rails (3.2.6)
      railties (~> 3.2.0)
      sass (>= 3.1.10)
      tilt (~> 1.3)
    sprockets (2.2.2)
      hike (~> 1.2)
      multi_json (~> 1.0)
      rack (~> 1.0)
      tilt (~> 1.1, != 1.3.0)
    systemu (2.5.2)
    test-unit (2.5.5)
    thor (0.18.1)
    tilt (1.4.1)
    treetop (1.4.14)
      polyglot
      polyglot (>= 0.3.1)
    turn (0.8.3)
      ansi
    tzinfo (0.3.37)
    uglifier (2.1.1)
      execjs (>= 0.3.0)
      multi_json (~> 1.0, >= 1.0.2)
    uniform_notifier (1.2.0)
    uuid (2.3.7)
      macaddr (~> 1.0)
    warden (1.2.1)
      rack (>= 1.0)
    will_paginate (3.0.4)

PLATFORMS
  x86-mingw32

DEPENDENCIES
  RedCloth
  bullet
  cocaine (~> 0.3.2)
  coffee-rails (~> 3.2.2)
  devise
  friendly_id (~> 4.0.9)
  gon
  jquery-rails
  mongrel (>= 1.2.0.pre2)
  mysql2
  nokogiri
  paperclip (~> 2.7.0)
  rails (= 3.2.12)
  ruby-growl
  sass-rails (~> 3.2.6)
  scenarios!
  test-unit
  turn (~> 0.8.3)
  uglifier (>= 1.2.6)
  will_paginate (~> 3.0.3)
